PATH
  remote: .
  specs:
    cerberator (1.0.0)
      diplomat (= 0.14.0.pre)

GEM
  remote: https://rubygems.org/
  specs:
    diplomat (0.14.0.pre)
      faraday (~> 0.9)
      json (~> 1.8)
    faraday (0.9.2)
      multipart-post (>= 1.2, < 3)
    json (1.8.3)
    multipart-post (2.0.0)
    ocra (1.3.5)
    rake (10.4.2)

PLATFORMS
  x86-mingw32

DEPENDENCIES
  cerberator!
  ocra
  rake
